GEM
  remote: https://rubygems.org/
  specs:
    aws-sdk (1.41.0)
      json (~> 1.4)
      nokogiri (>= 1.4.4)
    json (1.8.3)
    mini_portile (0.6.0)
    nokogiri (1.6.2.1)
      mini_portile (= 0.6.0)
    terminal-table (1.5.2)

PLATFORMS
  ruby

DEPENDENCIES
  aws-sdk
  terminal-table
